PATH
  remote: .
  specs:
    blog_refactor_gem (0.1.1)
      aws-sdk-core (~> 2.3)
      foodcritic (~> 7.1)
      rake (~> 10.0)

GEM
  remote: https://rubygems.org/
  specs:
    aws-sdk-core (2.3.7)
      jmespath (~> 1.0)
    backports (3.6.8)
    cucumber-core (2.0.0)
      backports (~> 3.6)
      gherkin (~> 4.0)
    diff-lcs (1.2.5)
    erubis (2.7.0)
    foodcritic (7.1.0)
      cucumber-core (>= 1.3)
      erubis
      nokogiri (>= 1.5, < 2.0)
      rake
      rufus-lru (~> 1.0)
      treetop (~> 1.4)
      yajl-ruby (~> 1.1)
    gherkin (4.0.0)
    jmespath (1.3.1)
    mini_portile2 (2.1.0)
    nokogiri (1.6.8)
      mini_portile2 (~> 2.1.0)
      pkg-config (~> 1.1.7)
    pkg-config (1.1.7)
    polyglot (0.3.5)
    rake (10.5.0)
    rspec (3.5.0)
      rspec-core (~> 3.5.0)
      rspec-expectations (~> 3.5.0)
      rspec-mocks (~> 3.5.0)
    rspec-core (3.5.3)
      rspec-support (~> 3.5.0)
    rspec-expectations (3.5.0)
      diff-lcs (>= 1.2.0, < 2.0)
      rspec-support (~> 3.5.0)
    rspec-mocks (3.5.0)
      diff-lcs (>= 1.2.0, < 2.0)
      rspec-support (~> 3.5.0)
    rspec-support (3.5.0)
    rufus-lru (1.1.0)
    treetop (1.6.8)
      polyglot (~> 0.3)
    yajl-ruby (1.2.1)

PLATFORMS
  ruby

DEPENDENCIES
  blog_refactor_gem!
  bundler (~> 1.12)
  rake (~> 10.0)
  rspec (~> 3.0)

BUNDLED WITH
   1.12.5
